{
  "AcquisitionMatrixPE": 80,
  "AcquisitionNumber": 1,
  "AcquisitionTime": "20:31:48.422500",
  "BandwidthPerPixelPhaseEncode": 20.492,
  "BaseResolution": 80,
  "BodyPartExamined": "BRAIN",
  "ConsistencyInfo": "N4_VE11C_LATEST_20160120",
  "ConversionSoftware": "dcm2niix",
  "ConversionSoftwareVersion": "v1.0.20190410  GCC6.3.0",
  "DerivedVendorReportedEchoSpacing": 0.000609994,
  "DeviceSerialNumber": "66018",
  "DwellTime": 3.3e-06,
  "EchoTime": 0.066,
  "EchoTrainLength": 60,
  "EffectiveEchoSpacing": 0.000609994,
  "FlipAngle": 90,
  "ImageOrientationPatientDICOM": [0.999204, -0.0158126, 0.0366186, 0.0169178, 0.999405, -0.0300713],
  "ImageType": [
    "ORIGINAL",
    "PRIMARY",
    "M",
    "ND",
    "NORM"
],
  "ImagingFrequency": 123.164,
  "InPlanePhaseEncodingDirectionDICOM": "COL",
  "InstitutionAddress": "Stadium_1952_Princeton_NJ_US_08544",
  "InstitutionName": "Princeton_University",
  "InstitutionalDepartmentName": "NeuroScience",
  "MRAcquisitionType": "2D",
  "MagneticFieldStrength": 3,
  "Manufacturer": "Siemens",
  "ManufacturersModelName": "Prisma",
  "Modality": "MR",
  "PartialFourier": 0.75,
  "PatientPosition": "HFS",
  "PercentPhaseFOV": 100,
  "PhaseEncodingDirection": "j-",
  "PhaseEncodingSteps": 60,
  "PhaseResolution": 1,
  "PixelBandwidth": 1895,
  "ProcedureStepDescription": "000005_NEU502_NEU502B-2026",
  "ProtocolName": "fmap_ses-01_dir-AP",
  "PulseSequenceDetails": "%SiemensSeq%_ep2d_se",
  "ReceiveCoilActiveElements": "HC1-7",
  "ReceiveCoilName": "HeadNeck_64",
  "ReconMatrixPE": 80,
  "RepetitionTime": 8,
  "SAR": 0.108349,
  "ScanOptions": "PFP_FS",
  "ScanningSequence": "EP",
  "SequenceName": "_epse2d1_80",
  "SequenceVariant": "SK_SP",
  "SeriesDescription": "fmap_ses-01_dir-AP",
  "SeriesNumber": 9,
  "ShimSetting": [772, 468, 2061, 466, -52, -143, -29, 38],
  "SliceThickness": 2.5,
  "SoftwareVersions": "syngo_MR_E11",
  "SpacingBetweenSlices": 2.5,
  "StationName": "AWP66018",
  "TotalReadoutTime": 0.0481895,
  "TxRefAmp": 216.081,
  "VendorReportedEchoSpacing": 0.00061,
  "dcmmeta_affine": [
    [-2.4980103969573975, 0.04229451343417168, 0.09030342102050781, 95.70166778564453],
    [0.039531465619802475, 2.498511552810669, -0.07666683197021484, -82.890625],
    [0.09154660254716873, 0.07517832517623901, 2.4971961975097656, -74.89915466308594],
    [0.0, 0.0, 0.0, 1.0]
],
  "dcmmeta_reorient_transform": [
    [0.0, -1.0, 0.0, 79.0],
    [1.0, 0.0, 0.0, 0.0],
    [0.0, 0.0, -1.0, 53.0],
    [0.0, 0.0, 0.0, 1.0]
],
  "dcmmeta_shape": [80, 80, 54, 3],
  "dcmmeta_slice_dim": 2,
  "dcmmeta_version": 0.6,
  "global": {
    "const": {
      "AcquisitionMatrix": [80, 0, 0, 80],
      "AngioFlag": "N",
      "BitsAllocated": 16,
      "BitsStored": 12,
      "BodyPartExamined": "BRAIN",
      "Columns": 80,
      "EchoNumbers": 1,
      "EchoTime": 66.0,
      "EchoTrainLength": 60,
      "FlipAngle": 90.0,
      "HighBit": 11,
      "ImageOrientationPatient": [0.9992042019739, -0.0158125858677, 0.03661864123476, 0.01691780504228, 0.99940457423041, -0.0300713298655],
      "ImageType": [
        "ORIGINAL",
        "PRIMARY",
        "M",
        "ND",
        "NORM"
],
      "ImagedNucleus": "1H",
      "ImagingFrequency": 123.164161,
      "InPlanePhaseEncodingDirection": "COL",
      "MRAcquisitionType": "2D",
      "MagneticFieldStrength": 3.0,
      "Manufacturer": "SIEMENS",
      "ManufacturerModelName": "Prisma",
      "Modality": "MR",
      "NumberOfAverages": 1.0,
      "NumberOfPhaseEncodingSteps": 60,
      "PercentPhaseFieldOfView": 100.0,
      "PercentSampling": 100.0,
      "PerformedProcedureStepStartTime": "170031.584000",
      "PhotometricInterpretation": "MONOCHROME2",
      "PixelBandwidth": 1895.0,
      "PixelRepresentation": 0,
      "PixelSpacing": [2.5, 2.5],
      "ProtocolName": "fmap_ses-01_dir-AP",
      "RepetitionTime": 8000.0,
      "Rows": 80,
      "SAR": 0.10834927763258,
      "SamplesPerPixel": 1,
      "ScanOptions": [
        "PFP",
        "FS"
],
      "ScanningSequence": "EP",
      "SequenceName": "*epse2d1_80",
      "SequenceVariant": [
        "SK",
        "SP"
],
      "SeriesDescription": "fmap_ses-01_dir-AP",
      "SeriesNumber": 9,
      "SeriesTime": "173925.701000",
      "SliceThickness": 2.5,
      "SmallestImagePixelValue": 0,
      "SoftwareVersions": "syngo MR E11",
      "SpacingBetweenSlices": 2.5,
      "SpecificCharacterSet": "ISO_IR 100",
      "StudyID": "1",
      "StudyTime": "170031.517000",
      "TransmitCoilName": "Body",
      "VariableFlipAngleFlag": "N",
      "WindowCenterWidthExplanation": "Algo1",
      "dBdt": 0.0},
