{
  "AcquisitionMatrixPE": 80,
  "AcquisitionNumber": 1,
  "AcquisitionTime": "20:09:8.295000",
  "BandwidthPerPixelPhaseEncode": 20.492,
  "BaseResolution": 80,
  "BodyPartExamined": "BRAIN",
  "ConsistencyInfo": "N4_VE11C_LATEST_20160120",
  "ConversionSoftware": "dcm2niix",
  "ConversionSoftwareVersion": "v1.0.20190410  GCC6.3.0",
  "DerivedVendorReportedEchoSpacing": 0.000609994,
  "DeviceSerialNumber": "66018",
  "DwellTime": 3.3e-06,
  "EchoTime": 0.066,
  "EchoTrainLength": 60,
  "EffectiveEchoSpacing": 0.000609994,
  "FlipAngle": 90,
  "ImageOrientationPatientDICOM": [0.994005, 0.0368415, -0.102944, -0.0473977, 0.993649, -0.102055],
  "ImageType": [
    "ORIGINAL",
    "PRIMARY",
    "M",
    "ND",
    "NORM"
],
  "ImagingFrequency": 123.164,
  "InPlanePhaseEncodingDirectionDICOM": "COL",
  "InstitutionAddress": "Stadium_1952_Princeton_NJ_US_08544",
  "InstitutionName": "Princeton_University",
  "InstitutionalDepartmentName": "NeuroScience",
  "MRAcquisitionType": "2D",
  "MagneticFieldStrength": 3,
  "Manufacturer": "Siemens",
  "ManufacturersModelName": "Prisma",
  "Modality": "MR",
  "PartialFourier": 0.75,
  "PatientPosition": "HFS",
  "PercentPhaseFOV": 100,
  "PhaseEncodingDirection": "j-",
  "PhaseEncodingSteps": 60,
  "PhaseResolution": 1,
  "PixelBandwidth": 1895,
  "ProcedureStepDescription": "000005_NEU502_NEU502B-2026",
  "ProtocolName": "fmap_ses-01_dir-AP",
  "PulseSequenceDetails": "%SiemensSeq%_ep2d_se",
  "ReceiveCoilActiveElements": "HC1-7",
  "ReceiveCoilName": "HeadNeck_64",
  "ReconMatrixPE": 80,
  "RepetitionTime": 8,
  "SAR": 0.117293,
  "ScanOptions": "PFP_FS",
  "ScanningSequence": "EP",
  "SequenceName": "_epse2d1_80",
  "SequenceVariant": "SK_SP",
  "SeriesDescription": "fmap_ses-01_dir-AP",
  "SeriesNumber": 14,
  "ShimSetting": [733, 468, 2124, 765, -35, 198, 198, 127],
  "SliceThickness": 2.5,
  "SoftwareVersions": "syngo_MR_E11",
  "SpacingBetweenSlices": 2.5,
  "StationName": "AWP66018",
  "TotalReadoutTime": 0.0481895,
  "TxRefAmp": 239.117,
  "VendorReportedEchoSpacing": 0.00061,
  "dcmmeta_affine": [
    [-2.485011577606201, -0.11849424242973328, -0.24632644653320312, 106.43928527832031],
    [-0.09210384637117386, 2.4841222763061523, -0.2658064365386963, -82.44515228271484],
    [-0.25736019015312195, 0.25513792037963867, 2.4735946655273438, -70.2947769165039],
    [0.0, 0.0, 0.0, 1.0]
],
  "dcmmeta_reorient_transform": [
    [0.0, -1.0, 0.0, 79.0],
    [1.0, 0.0, 0.0, 0.0],
    [0.0, 0.0, -1.0, 53.0],
    [0.0, 0.0, 0.0, 1.0]
],
  "dcmmeta_shape": [80, 80, 54, 3],
  "dcmmeta_slice_dim": 2,
  "dcmmeta_version": 0.6,
  "global": {
    "const": {
      "AcquisitionMatrix": [80, 0, 0, 80],
      "AngioFlag": "N",
      "BitsAllocated": 16,
      "BitsStored": 12,
      "BodyPartExamined": "BRAIN",
      "Columns": 80,
      "EchoNumbers": 1,
      "EchoTime": 66.0,
      "EchoTrainLength": 60,
      "FlipAngle": 90.0,
      "HighBit": 11,
      "ImageOrientationPatient": [0.99400463649148, 0.03684153924126, -0.1029440800618, -0.0473976981929, 0.99364893216507, -0.1020551704385],
      "ImageType": [
        "ORIGINAL",
        "PRIMARY",
        "M",
        "ND",
        "NORM"
],
      "ImagedNucleus": "1H",
      "ImagingFrequency": 123.164474,
      "InPlanePhaseEncodingDirection": "COL",
      "MRAcquisitionType": "2D",
      "MagneticFieldStrength": 3.0,
      "Manufacturer": "SIEMENS",
      "ManufacturerModelName": "Prisma",
      "Modality": "MR",
      "NumberOfAverages": 1.0,
      "NumberOfPhaseEncodingSteps": 60,
      "PercentPhaseFieldOfView": 100.0,
      "PercentSampling": 100.0,
      "PerformedProcedureStepStartTime": "155030.531000",
      "PhotometricInterpretation": "MONOCHROME2",
      "PixelBandwidth": 1895.0,
      "PixelRepresentation": 0,
      "PixelSpacing": [2.5, 2.5],
      "ProtocolName": "fmap_ses-01_dir-AP",
      "RepetitionTime": 8000.0,
      "Rows": 80,
      "SAR": 0.11729322716844,
      "SamplesPerPixel": 1,
      "ScanOptions": [
        "PFP",
        "FS"
],
      "ScanningSequence": "EP",
      "SequenceName": "*epse2d1_80",
      "SequenceVariant": [
        "SK",
        "SP"
],
      "SeriesDescription": "fmap_ses-01_dir-AP",
      "SeriesNumber": 14,
      "SeriesTime": "171645.772000",
      "SliceThickness": 2.5,
      "SmallestImagePixelValue": 0,
      "SoftwareVersions": "syngo MR E11",
      "SpacingBetweenSlices": 2.5,
      "SpecificCharacterSet": "ISO_IR 100",
      "StudyID": "1",
      "StudyTime": "155030.460000",
      "TransmitCoilName": "Body",
      "VariableFlipAngleFlag": "N",
      "WindowCenterWidthExplanation": "Algo1",
      "dBdt": 0.0},
