{
  "AcquisitionMatrixPE": 80,
  "AcquisitionNumber": 1,
  "AcquisitionTime": "20:25:48.532500",
  "BandwidthPerPixelPhaseEncode": 20.492,
  "BaseResolution": 80,
  "BodyPartExamined": "BRAIN",
  "ConsistencyInfo": "N4_VE11C_LATEST_20160120",
  "ConversionSoftware": "dcm2niix",
  "ConversionSoftwareVersion": "v1.0.20190410  GCC6.3.0",
  "DerivedVendorReportedEchoSpacing": 0.000609994,
  "DeviceSerialNumber": "66018",
  "DwellTime": 3.3e-06,
  "EchoTime": 0.03,
  "EchoTrainLength": 60,
  "EffectiveEchoSpacing": 0.000609994,
  "FlipAngle": 71,
  "ImageOrientationPatientDICOM": [0.999204, -0.0158126, 0.0366186, 0.0169178, 0.999405, -0.0300713],
  "ImageType": [
    "ORIGINAL",
    "PRIMARY",
    "M",
    "ND",
    "NORM",
    "MOSAIC"
],
  "ImagingFrequency": 123.164,
  "InPlanePhaseEncodingDirectionDICOM": "COL",
  "InstitutionAddress": "Stadium_1952_Princeton_NJ_US_08544",
  "InstitutionName": "Princeton_University",
  "InstitutionalDepartmentName": "NeuroScience",
  "MRAcquisitionType": "2D",
  "MagneticFieldStrength": 3,
  "Manufacturer": "Siemens",
  "ManufacturersModelName": "Prisma",
  "Modality": "MR",
  "MultibandAccelerationFactor": 2,
  "PartialFourier": 0.75,
  "PatientPosition": "HFS",
  "PercentPhaseFOV": 100,
  "PhaseEncodingDirection": "j-",
  "PhaseEncodingSteps": 60,
  "PhaseResolution": 1,
  "PixelBandwidth": 1895,
  "ProcedureStepDescription": "000005_NEU502_NEU502B-2026",
  "ProtocolName": "func_ses-01_run-01_task-lang-task",
  "PulseSequenceDetails": "%SiemensSeq%_ep2d_bold",
  "ReceiveCoilActiveElements": "HC1-7",
  "ReceiveCoilName": "HeadNeck_64",
  "ReconMatrixPE": 80,
  "RefLinesPE": 24,
  "RepetitionTime": 2,
  "SAR": 0.0425388,
  "ScanOptions": "PFP_FS",
  "ScanningSequence": "EP",
  "SequenceName": "_epfid2d1_80",
  "SequenceVariant": "SK",
  "SeriesDescription": "func_ses-01_run-01_task-lang-task",
  "SeriesNumber": 8,
  "ShimSetting": [772, 468, 2061, 466, -52, -143, -29, 38],
  "SliceThickness": 2.5,
  "SliceTiming": [0.9525, 0, 1.025, 0.0725, 1.1, 0.145, 1.1725, 0.22, 1.245, 0.2925, 1.32, 0.365, 1.3925, 0.44, 1.465, 0.5125, 1.54, 0.585, 1.6125, 0.66, 1.685, 0.7325, 1.76, 0.805, 1.8325, 0.88, 1.905, 0.9525, 0, 1.025, 0.0725, 1.1, 0.145, 1.1725, 0.22, 1.245, 0.2925, 1.32, 0.365, 1.3925, 0.44, 1.465, 0.5125, 1.54, 0.585, 1.6125, 0.66, 1.685, 0.7325, 1.76, 0.805, 1.8325, 0.88, 1.905],
  "SoftwareVersions": "syngo_MR_E11",
  "SpacingBetweenSlices": 2.5,
  "StationName": "AWP66018",
  "TaskName": "langXtask",
  "TotalReadoutTime": 0.0481895,
  "TxRefAmp": 216.081,
  "dcmmeta_affine": [
    [-2.4980103969573975, 0.04229451343417168, 0.09030333161354065, 95.70167541503906],
    [0.039531465619802475, 2.498511552810669, -0.07666726410388947, -82.8906021118164],
    [0.09154660254716873, 0.07517832517623901, 2.497191905975342, -74.89892578125],
    [0.0, 0.0, 0.0, 1.0]
],
  "dcmmeta_reorient_transform": [
    [0.0, -1.0, 0.0, 79.0],
    [1.0, 0.0, 0.0, 0.0],
    [0.0, 0.0, 1.0, 0.0],
    [0.0, 0.0, 0.0, 1.0]
],
  "dcmmeta_shape": [80, 80, 54, 164],
  "dcmmeta_slice_dim": 2,
  "dcmmeta_version": 0.6,
  "global": {
    "const": {
      "AcquisitionMatrix": [80, 0, 0, 80],
      "AngioFlag": "N",
      "BitsAllocated": 16,
      "BitsStored": 12,
      "BodyPartExamined": "BRAIN",
      "Columns": 640,
      "EchoNumbers": 1,
      "EchoTime": 30.0,
      "EchoTrainLength": 60,
      "FlipAngle": 71.0,
      "HighBit": 11,
      "ImageOrientationPatient": [0.9992042019739, -0.0158125858677, 0.03661864123476, 0.01691780504228, 0.99940457423041, -0.0300713298655],
      "ImagePositionPatient": [-810.32834596939, -803.00619338179, -73.54295621211],
      "ImageType": [
        "ORIGINAL",
        "PRIMARY",
        "M",
        "ND",
        "NORM",
        "MOSAIC"
],
      "ImagedNucleus": "1H",
      "ImagingFrequency": 123.164159,
      "InPlanePhaseEncodingDirection": "COL",
      "MRAcquisitionType": "2D",
      "MagneticFieldStrength": 3.0,
      "Manufacturer": "SIEMENS",
      "ManufacturerModelName": "Prisma",
      "Modality": "MR",
      "NumberOfAverages": 1.0,
      "NumberOfPhaseEncodingSteps": 60,
      "PercentPhaseFieldOfView": 100.0,
      "PercentSampling": 100.0,
      "PerformedProcedureStepStartTime": "170031.584000",
      "PhotometricInterpretation": "MONOCHROME2",
      "PixelBandwidth": 1895.0,
      "PixelRepresentation": 0,
      "PixelSpacing": [2.5, 2.5],
      "ProtocolName": "func_ses-01_run-01_task-lang-task",
      "RepetitionTime": 2000.0,
      "Rows": 640,
      "SAR": 0.04253877749391,
      "SamplesPerPixel": 1,
      "ScanOptions": [
        "PFP",
        "FS"
],
      "ScanningSequence": "EP",
      "SequenceName": "*epfid2d1_80",
      "SequenceVariant": "SK",
      "SeriesDescription": "func_ses-01_run-01_task-lang-task",
      "SeriesNumber": 8,
      "SeriesTime": "173407.192000",
      "SliceLocation": -68.815926475224,
      "SliceThickness": 2.5,
      "SmallestImagePixelValue": 0,
      "SoftwareVersions": "syngo MR E11",
      "SpacingBetweenSlices": 2.5000000401761,
      "SpecificCharacterSet": "ISO_IR 100",
      "StudyID": "1",
      "StudyTime": "170031.517000",
      "TransmitCoilName": "Body",
      "VariableFlipAngleFlag": "N",
      "WindowCenterWidthExplanation": "Algo1",
      "dBdt": 0.0},
