{
  "AcquisitionMatrixPE": 80,
  "AcquisitionNumber": 1,
  "AcquisitionTime": "18:57:20.490000",
  "BandwidthPerPixelPhaseEncode": 20.492,
  "BaseResolution": 80,
  "BodyPartExamined": "BRAIN",
  "CogAtlasID": "TODO",
  "ConsistencyInfo": "N4_VE11C_LATEST_20160120",
  "ConversionSoftware": "dcm2niix",
  "ConversionSoftwareVersion": "v1.0.20190410  GCC6.3.0",
  "DerivedVendorReportedEchoSpacing": 0.000609994,
  "DeviceSerialNumber": "66018",
  "DwellTime": 3.3e-06,
  "EchoTime": 0.03,
  "EchoTrainLength": 60,
  "EffectiveEchoSpacing": 0.000609994,
  "FlipAngle": 71,
  "ImageOrientationPatientDICOM": [0.994005, 0.0368415, -0.102944, -0.0473977, 0.993649, -0.102055],
  "ImageType": [
    "ORIGINAL",
    "PRIMARY",
    "M",
    "ND",
    "NORM",
    "MOSAIC"
],
  "ImagingFrequency": 123.164,
  "InPlanePhaseEncodingDirectionDICOM": "COL",
  "InstitutionAddress": "Stadium_1952_Princeton_NJ_US_08544",
  "InstitutionName": "Princeton_University",
  "InstitutionalDepartmentName": "NeuroScience",
  "MRAcquisitionType": "2D",
  "MagneticFieldStrength": 3,
  "Manufacturer": "Siemens",
  "ManufacturersModelName": "Prisma",
  "Modality": "MR",
  "MultibandAccelerationFactor": 2,
  "PartialFourier": 0.75,
  "PatientPosition": "HFS",
  "PercentPhaseFOV": 100,
  "PhaseEncodingDirection": "j-",
  "PhaseEncodingSteps": 60,
  "PhaseResolution": 1,
  "PixelBandwidth": 1895,
  "ProcedureStepDescription": "000005_NEU502_NEU502B-2026",
  "ProtocolName": "func_ses-01_run-01_task-moral-2",
  "PulseSequenceDetails": "%SiemensSeq%_ep2d_bold",
  "ReceiveCoilActiveElements": "HC1-7",
  "ReceiveCoilName": "HeadNeck_64",
  "ReconMatrixPE": 80,
  "RefLinesPE": 24,
  "RepetitionTime": 2,
  "SAR": 0.0460502,
  "ScanOptions": "PFP_FS",
  "ScanningSequence": "EP",
  "SequenceName": "_epfid2d1_80",
  "SequenceVariant": "SK",
  "SeriesDescription": "func_ses-01_run-01_task-moral-2",
  "SeriesNumber": 7,
  "ShimSetting": [733, 468, 2124, 765, -35, 198, 198, 127],
  "SliceThickness": 2.5,
  "SliceTiming": [0.9525, 0, 1.0275, 0.0725, 1.1, 0.1475, 1.1725, 0.22, 1.2475, 0.2925, 1.32, 0.3675, 1.3925, 0.44, 1.4675, 0.5125, 1.54, 0.5875, 1.6125, 0.66, 1.6875, 0.7325, 1.76, 0.8075, 1.8325, 0.88, 1.9075, 0.9525, 0, 1.0275, 0.0725, 1.1, 0.1475, 1.1725, 0.22, 1.2475, 0.2925, 1.32, 0.3675, 1.3925, 0.44, 1.4675, 0.5125, 1.54, 0.5875, 1.6125, 0.66, 1.6875, 0.7325, 1.76, 0.8075, 1.8325, 0.88, 1.9075],
  "SoftwareVersions": "syngo_MR_E11",
  "SpacingBetweenSlices": 2.5,
  "StationName": "AWP66018",
  "TaskName": "TODO: full task name for moralX2",
  "TotalReadoutTime": 0.0481895,
  "TxRefAmp": 239.117,
  "dcmmeta_affine": [
    [-2.485011577606201, -0.11849424242973328, -0.2463260143995285, 106.43926239013672],
    [-0.09210384637117386, 2.4841222763061523, -0.26580655574798584, -82.44515228271484],
    [-0.25736019015312195, 0.25513792037963867, 2.4735946655273438, -70.2947769165039],
    [0.0, 0.0, 0.0, 1.0]
],
  "dcmmeta_reorient_transform": [
    [0.0, -1.0, 0.0, 79.0],
    [1.0, 0.0, 0.0, 0.0],
    [0.0, 0.0, 1.0, 0.0],
    [0.0, 0.0, 0.0, 1.0]
],
  "dcmmeta_shape": [80, 80, 54, 41],
  "dcmmeta_slice_dim": 2,
  "dcmmeta_version": 0.6,
  "global": {
    "const": {
      "AcquisitionMatrix": [80, 0, 0, 80],
      "AngioFlag": "N",
      "BitsAllocated": 16,
      "BitsStored": 12,
      "BodyPartExamined": "BRAIN",
      "Columns": 640,
      "EchoNumbers": 1,
      "EchoTime": 30.0,
      "EchoTrainLength": 60,
      "FlipAngle": 71.0,
      "HighBit": 11,
      "ImageOrientationPatient": [0.99400463649148, 0.03684153924126, -0.1029440800618, -0.0473976981929, 0.99364893216507, -0.1020551704385],
      "ImagePositionPatient": [-759.70307187721, -835.14384387616, 93.360591196202],
      "ImageType": [
        "ORIGINAL",
        "PRIMARY",
        "M",
        "ND",
        "NORM",
        "MOSAIC"
],
      "ImagedNucleus": "1H",
      "ImagingFrequency": 123.164448,
      "InPlanePhaseEncodingDirection": "COL",
      "MRAcquisitionType": "2D",
      "MagneticFieldStrength": 3.0,
      "Manufacturer": "SIEMENS",
      "ManufacturerModelName": "Prisma",
      "Modality": "MR",
      "NumberOfAverages": 1.0,
      "NumberOfPhaseEncodingSteps": 60,
      "PercentPhaseFieldOfView": 100.0,
      "PercentSampling": 100.0,
      "PerformedProcedureStepStartTime": "155030.531000",
      "PhotometricInterpretation": "MONOCHROME2",
      "PixelBandwidth": 1895.0,
      "PixelRepresentation": 0,
      "PixelSpacing": [2.5, 2.5],
      "ProtocolName": "func_ses-01_run-01_task-moral-2",
      "RepetitionTime": 2000.0,
      "Rows": 640,
      "SAR": 0.04605024135777,
      "SamplesPerPixel": 1,
      "ScanOptions": [
        "PFP",
        "FS"
],
      "ScanningSequence": "EP",
      "SequenceName": "*epfid2d1_80",
      "SequenceVariant": "SK",
      "SeriesDescription": "func_ses-01_run-01_task-moral-2",
      "SeriesNumber": 7,
      "SeriesTime": "160525.701000",
      "SliceLocation": -71.274035005776,
      "SliceThickness": 2.5,
      "SmallestImagePixelValue": 0,
      "SoftwareVersions": "syngo MR E11",
      "SpacingBetweenSlices": 2.5000000383435,
      "SpecificCharacterSet": "ISO_IR 100",
      "StudyID": "1",
      "StudyTime": "155030.460000",
      "TransmitCoilName": "Body",
      "VariableFlipAngleFlag": "N",
      "WindowCenterWidthExplanation": "Algo1",
      "dBdt": 0.0},
    "slices": {}
  },
  "time": {
    "samples": {
      "AcquisitionNumber": [1, 2, 3, 4, 5, 6, 7, 8, 9, 10, 11, 12, 13, 14, 15, 16, 17, 18, 19, 20, 21, 22, 23, 24, 25, 26, 27, 28, 29, 30, 31, 32, 33, 34, 35, 36, 37, 38, 39, 40, 41],
      "AcquisitionTime": ["185720.490000", "185722.490000", "185724.490000", "185726.490000", "185728.490000", "185730.490000", "185732.490000", "185734.490000", "185736.490000", "185738.490000", "185740.490000", "185742.490000", "185744.490000", "185746.490000", "185748.490000", "185750.490000", "185752.490000", "185754.490000", "185756.490000", "185758.490000", "185800.490000", "185802.490000", "185804.490000", "185806.490000", "185808.490000", "185810.490000", "185812.490000", "185814.490000", "185816.490000", "185818.490000", "185820.490000", "185822.490000", "185824.490000", "185826.490000", "185828.490000", "185830.490000", "185832.490000", "185834.490000", "185836.490000", "185838.490000", "185840.490000"],
      "ContentTime": ["160525.705000", "160525.709000", "160525.712000", "160525.715000", "160525.718000", "160525.721000", "160525.724000", "160525.727000", "160525.730000", "160525.733000", "160525.736000", "160525.739000", "160525.747000", "160525.750000", "160525.753000", "160525.756000", "160525.759000", "160525.762000", "160525.765000", "160525.768000", "160545.701000", "160545.704000", "160545.716000", "160545.719000", "160545.722000", "160545.725000", "160545.728000", "160545.731000", "160545.734000", "160545.737000", "160605.962000", "160605.969000", "160605.973000", "160605.976000", "160605.979000", "160605.982000", "160605.985000", "160605.988000", "160605.991000", "160605.994000", "160605.997000"],
      "InstanceCreationTime": ["160525.705000", "160525.709000", "160525.712000", "160525.715000", "160525.718000", "160525.721000", "160525.724000", "160525.727000", "160525.730000", "160525.733000", "160525.736000", "160525.739000", "160525.747000", "160525.750000", "160525.753000", "160525.756000", "160525.759000", "160525.762000", "160525.765000", "160525.768000", "160545.701000", "160545.704000", "160545.716000", "160545.719000", "160545.722000", "160545.725000", "160545.728000", "160545.731000", "160545.734000", "160545.737000", "160605.962000", "160605.969000", "160605.973000", "160605.976000", "160605.979000", "160605.982000", "160605.985000", "160605.988000", "160605.991000", "160605.994000", "160605.997000"],
      "InstanceNumber": [1, 2, 3, 4, 5, 6, 7, 8, 9, 10, 11, 12, 13, 14, 15, 16, 17, 18, 19, 20, 21, 22, 23, 24, 25, 26, 27, 28, 29, 30, 31, 32, 33, 34, 35, 36, 37, 38, 39, 40, 41],
      "LargestImagePixelValue": [2096, 1896, 2218, 1852, 2144, 2311, 1824, 2046, 1993, 1862, 2401, 1867, 1972, 2293, 1856, 2243, 1859, 1869, 2167, 1893, 2037, 1998, 1909, 1825, 1941, 2026, 2398, 2278, 2281, 2044, 1845, 2021, 2084, 2030, 2194, 2361, 1946, 2320, 1881, 2104, 1836],
      "WindowCenter": [685.0, 684.0, 686.0, 684.0, 686.0, 685.0, 682.0, 685.0, 684.0, 684.0, 685.0, 685.0, 684.0, 685.0, 684.0, 685.0, 683.0, 685.0, 685.0, 685.0, 685.0, 685.0, 683.0, 685.0, 686.0, 687.0, 687.0, 686.0, 686.0, 686.0, 685.0, 685.0, 686.0, 685.0, 686.0, 686.0, 685.0, 685.0, 685.0, 687.0, 684.0],
      "WindowWidth": [1460.0, 1455.0, 1461.0, 1457.0, 1463.0, 1459.0, 1451.0, 1459.0, 1456.0, 1456.0, 1459.0, 1457.0, 1456.0, 1460.0, 1456.0, 1458.0, 1455.0, 1459.0, 1459.0, 1459.0, 1459.0, 1459.0, 1455.0, 1458.0, 1463.0, 1464.0, 1463.0, 1461.0, 1461.0, 1460.0, 1458.0, 1458.0, 1461.0, 1458.0, 1461.0, 1461.0, 1460.0, 1460.0, 1458.0, 1463.0, 1458.0]
    },
    "slices": {}
  }
}