{
  "AcquisitionMatrixPE": 80,
  "AcquisitionNumber": 1,
  "AcquisitionTime": "18:31:4.087500",
  "BandwidthPerPixelPhaseEncode": 20.492,
  "BaseResolution": 80,
  "BodyPartExamined": "BRAIN",
  "ConsistencyInfo": "N4_VE11C_LATEST_20160120",
  "ConversionSoftware": "dcm2niix",
  "ConversionSoftwareVersion": "v1.0.20190410  GCC6.3.0",
  "DerivedVendorReportedEchoSpacing": 0.000609994,
  "DeviceSerialNumber": "66018",
  "DwellTime": 3.3e-06,
  "EchoTime": 0.066,
  "EchoTrainLength": 60,
  "EffectiveEchoSpacing": 0.000609994,
  "FlipAngle": 90,
  "ImageOrientationPatientDICOM": [0.998476, 0.0523387, -0.0175147, -0.0511048, 0.996594, 0.0647189],
  "ImageType": [
    "ORIGINAL",
    "PRIMARY",
    "M",
    "ND",
    "NORM"
],
  "ImagingFrequency": 123.164,
  "InPlanePhaseEncodingDirectionDICOM": "COL",
  "InstitutionAddress": "Stadium_1952_Princeton_NJ_US_08544",
  "InstitutionName": "Princeton_University",
  "InstitutionalDepartmentName": "NeuroScience",
  "MRAcquisitionType": "2D",
  "MagneticFieldStrength": 3,
  "Manufacturer": "Siemens",
  "ManufacturersModelName": "Prisma",
  "Modality": "MR",
  "PartialFourier": 0.75,
  "PatientPosition": "HFS",
  "PercentPhaseFOV": 100,
  "PhaseEncodingDirection": "j",
  "PhaseEncodingSteps": 60,
  "PhaseResolution": 1,
  "PixelBandwidth": 1895,
  "ProcedureStepDescription": "000005_NEU502_NEU502B-2026",
  "ProtocolName": "fmap_ses-01_dir-PA",
  "PulseSequenceDetails": "%SiemensSeq%_ep2d_se",
  "ReceiveCoilActiveElements": "HC1-7",
  "ReceiveCoilName": "HeadNeck_64",
  "ReconMatrixPE": 80,
  "RepetitionTime": 8,
  "SAR": 0.0976405,
  "ScanOptions": "PFP_FS",
  "ScanningSequence": "EP",
  "SequenceName": "_epse2d1_80",
  "SequenceVariant": "SK_SP",
  "SeriesDescription": "fmap_ses-01_dir-PA",
  "SeriesNumber": 14,
  "ShimSetting": [750, 470, 2130, 533, 42, 75, 115, 99],
  "SliceThickness": 2.5,
  "SoftwareVersions": "syngo_MR_E11",
  "SpacingBetweenSlices": 2.5,
  "StationName": "AWP66018",
  "TotalReadoutTime": 0.0481895,
  "TxRefAmp": 214.917,
  "VendorReportedEchoSpacing": 0.00061,
  "dcmmeta_affine": [
    [-2.4961893558502197, -0.12776196002960205, -0.05210566520690918, 104.50590515136719],
    [-0.13084669411182404, 2.491485118865967, 0.15931320190429688, -87.69792938232422],
    [-0.043786682188510895, -0.1617971956729889, 2.4943695068359375, -40.86581039428711],
    [0.0, 0.0, 0.0, 1.0]
],
  "dcmmeta_reorient_transform": [
    [0.0, -1.0, 0.0, 79.0],
    [1.0, 0.0, 0.0, 0.0],
    [0.0, 0.0, -1.0, 53.0],
    [0.0, 0.0, 0.0, 1.0]
],
  "dcmmeta_shape": [80, 80, 54, 3],
  "dcmmeta_slice_dim": 2,
  "dcmmeta_version": 0.6,
  "global": {
    "const": {
      "AcquisitionMatrix": [80, 0, 0, 80],
      "AngioFlag": "N",
      "BitsAllocated": 16,
      "BitsStored": 12,
      "BodyPartExamined": "BRAIN",
      "Columns": 80,
      "EchoNumbers": 1,
      "EchoTime": 66.0,
      "EchoTrainLength": 60,
      "FlipAngle": 90.0,
      "HighBit": 11,
      "ImageOrientationPatient": [0.99847578782971, 0.05233867953837, -0.0175146721929, -0.0511047830025, 0.99659408391641, 0.06471887713089],
      "ImageType": [
        "ORIGINAL",
        "PRIMARY",
        "M",
        "ND",
        "NORM"
],
      "ImagedNucleus": "1H",
      "ImagingFrequency": 123.164426,
      "InPlanePhaseEncodingDirection": "COL",
      "MRAcquisitionType": "2D",
      "MagneticFieldStrength": 3.0,
      "Manufacturer": "SIEMENS",
      "ManufacturerModelName": "Prisma",
      "Modality": "MR",
      "NumberOfAverages": 1.0,
      "NumberOfPhaseEncodingSteps": 60,
      "PercentPhaseFieldOfView": 100.0,
      "PercentSampling": 100.0,
      "PerformedProcedureStepStartTime": "140906.378000",
      "PhotometricInterpretation": "MONOCHROME2",
      "PixelBandwidth": 1895.0,
      "PixelRepresentation": 0,
      "PixelSpacing": [2.5, 2.5],
      "ProtocolName": "fmap_ses-01_dir-PA",
      "RepetitionTime": 8000.0,
      "Rows": 80,
      "SAR": 0.09764046297332,
      "SamplesPerPixel": 1,
      "ScanOptions": [
        "PFP",
        "FS"
],
      "ScanningSequence": "EP",
      "SequenceName": "*epse2d1_80",
      "SequenceVariant": [
        "SK",
        "SP"
],
      "SeriesDescription": "fmap_ses-01_dir-PA",
      "SeriesNumber": 14,
      "SeriesTime": "153845.772000",
      "SliceThickness": 2.5,
      "SmallestImagePixelValue": 0,
      "SoftwareVersions": "syngo MR E11",
      "SpacingBetweenSlices": 2.5,
      "SpecificCharacterSet": "ISO_IR 100",
      "StudyID": "1",
      "StudyTime": "140906.238000",
      "TransmitCoilName": "Body",
      "VariableFlipAngleFlag": "N",
      "WindowCenterWidthExplanation": "Algo1",
      "dBdt": 0.0},
