{
  "AcquisitionMatrixPE": 80,
  "AcquisitionNumber": 1,
  "AcquisitionTime": "17:21:9.867500",
  "BandwidthPerPixelPhaseEncode": 20.492,
  "BaseResolution": 80,
  "BodyPartExamined": "BRAIN",
  "ConsistencyInfo": "N4_VE11C_LATEST_20160120",
  "ConversionSoftware": "dcm2niix",
  "ConversionSoftwareVersion": "v1.0.20190410  GCC6.3.0",
  "DerivedVendorReportedEchoSpacing": 0.000609994,
  "DeviceSerialNumber": "66018",
  "DwellTime": 3.3e-06,
  "EchoTime": 0.03,
  "EchoTrainLength": 60,
  "EffectiveEchoSpacing": 0.000609994,
  "FlipAngle": 71,
  "ImageOrientationPatientDICOM": [0.998476, 0.0523387, -0.0175147, -0.0511048, 0.996594, 0.0647189],
  "ImageType": [
    "ORIGINAL",
    "PRIMARY",
    "M",
    "ND",
    "NORM",
    "MOSAIC"
],
  "ImagingFrequency": 123.164,
  "InPlanePhaseEncodingDirectionDICOM": "COL",
  "InstitutionAddress": "Stadium_1952_Princeton_NJ_US_08544",
  "InstitutionName": "Princeton_University",
  "InstitutionalDepartmentName": "NeuroScience",
  "MRAcquisitionType": "2D",
  "MagneticFieldStrength": 3,
  "Manufacturer": "Siemens",
  "ManufacturersModelName": "Prisma",
  "Modality": "MR",
  "MultibandAccelerationFactor": 2,
  "PartialFourier": 0.75,
  "PatientPosition": "HFS",
  "PercentPhaseFOV": 100,
  "PhaseEncodingDirection": "j-",
  "PhaseEncodingSteps": 60,
  "PhaseResolution": 1,
  "PixelBandwidth": 1895,
  "ProcedureStepDescription": "000005_NEU502_NEU502B-2026",
  "ProtocolName": "func_ses-01_run-01_task-lang-task",
  "PulseSequenceDetails": "%SiemensSeq%_ep2d_bold",
  "ReceiveCoilActiveElements": "HC1-7",
  "ReceiveCoilName": "HeadNeck_64",
  "ReconMatrixPE": 80,
  "RefLinesPE": 24,
  "RepetitionTime": 2,
  "SAR": 0.0383344,
  "ScanOptions": "PFP_FS",
  "ScanningSequence": "EP",
  "SequenceName": "_epfid2d1_80",
  "SequenceVariant": "SK",
  "SeriesDescription": "func_ses-01_run-01_task-lang-task",
  "SeriesNumber": 7,
  "ShimSetting": [750, 470, 2130, 533, 42, 75, 115, 99],
  "SliceThickness": 2.5,
  "SliceTiming": [0.9525, 0, 1.025, 0.0725, 1.1, 0.145, 1.1725, 0.22, 1.245, 0.2925, 1.32, 0.365, 1.3925, 0.44, 1.465, 0.5125, 1.54, 0.585, 1.6125, 0.66, 1.685, 0.7325, 1.76, 0.805, 1.8325, 0.88, 1.905, 0.9525, 0, 1.025, 0.0725, 1.1, 0.145, 1.1725, 0.22, 1.245, 0.2925, 1.32, 0.365, 1.3925, 0.44, 1.465, 0.5125, 1.54, 0.585, 1.6125, 0.66, 1.685, 0.7325, 1.76, 0.805, 1.8325, 0.88, 1.905],
  "SoftwareVersions": "syngo_MR_E11",
  "SpacingBetweenSlices": 2.5,
  "StationName": "AWP66018",
  "TaskName": "langXtask",
  "TotalReadoutTime": 0.0481895,
  "TxRefAmp": 214.917,
  "dcmmeta_affine": [
    [-2.4961893558502197, -0.12776196002960205, -0.052105795592069626, 104.50591278076172],
    [-0.13084669411182404, 2.491485118865967, 0.15931285917758942, -87.69791412353516],
    [-0.043786682188510895, -0.1617971956729889, 2.4943745136260986, -40.86607360839844],
    [0.0, 0.0, 0.0, 1.0]
],
  "dcmmeta_reorient_transform": [
    [0.0, -1.0, 0.0, 79.0],
    [1.0, 0.0, 0.0, 0.0],
    [0.0, 0.0, 1.0, 0.0],
    [0.0, 0.0, 0.0, 1.0]
],
  "dcmmeta_shape": [80, 80, 54, 166],
  "dcmmeta_slice_dim": 2,
  "dcmmeta_version": 0.6,
  "global": {
    "const": {
      "AcquisitionMatrix": [80, 0, 0, 80],
      "AngioFlag": "N",
      "BitsAllocated": 16,
      "BitsStored": 12,
      "BodyPartExamined": "BRAIN",
      "Columns": 640,
      "EchoNumbers": 1,
      "EchoTime": 30.0,
      "EchoTrainLength": 60,
      "FlipAngle": 71.0,
      "HighBit": 11,
      "ImageOrientationPatient": [0.99847578782971, 0.05233867953837, -0.0175146721929, -0.0511047830025, 0.99659408391641, 0.06471887713089],
      "ImagePositionPatient": [-757.57242194405, -843.38235101498, -86.690995328533],
      "ImageType": [
        "ORIGINAL",
        "PRIMARY",
        "M",
        "ND",
        "NORM",
        "MOSAIC"
],
      "ImagedNucleus": "1H",
      "ImagingFrequency": 123.164417,
      "InPlanePhaseEncodingDirection": "COL",
      "MRAcquisitionType": "2D",
      "MagneticFieldStrength": 3.0,
      "Manufacturer": "SIEMENS",
      "ManufacturerModelName": "Prisma",
      "Modality": "MR",
      "NumberOfAverages": 1.0,
      "NumberOfPhaseEncodingSteps": 60,
      "PercentPhaseFieldOfView": 100.0,
      "PercentSampling": 100.0,
      "PerformedProcedureStepStartTime": "140906.378000",
      "PhotometricInterpretation": "MONOCHROME2",
      "PixelBandwidth": 1895.0,
      "PixelRepresentation": 0,
      "PixelSpacing": [2.5, 2.5],
      "ProtocolName": "func_ses-01_run-01_task-lang-task",
      "RepetitionTime": 2000.0,
      "Rows": 640,
      "SAR": 0.03833441281783,
      "SamplesPerPixel": 1,
      "ScanOptions": [
        "PFP",
        "FS"
],
      "ScanningSequence": "EP",
      "SequenceName": "*epfid2d1_80",
      "SequenceVariant": "SK",
      "SeriesDescription": "func_ses-01_run-01_task-lang-task",
      "SeriesNumber": 7,
      "SeriesTime": "142925.700000",
      "SliceLocation": -48.54082586067,
      "SliceThickness": 2.5,
      "SmallestImagePixelValue": 0,
      "SoftwareVersions": "syngo MR E11",
      "SpacingBetweenSlices": 2.4999999237301,
      "SpecificCharacterSet": "ISO_IR 100",
      "StudyID": "1",
      "StudyTime": "140906.238000",
      "TransmitCoilName": "Body",
      "VariableFlipAngleFlag": "N",
      "WindowCenterWidthExplanation": "Algo1",
      "dBdt": 0.0},
