{
  "AcquisitionMatrixPE": 80,
  "AcquisitionNumber": 1,
  "AcquisitionTime": "17:48:35.235000",
  "BandwidthPerPixelPhaseEncode": 20.492,
  "BaseResolution": 80,
  "BodyPartExamined": "BRAIN",
  "ConsistencyInfo": "N4_VE11C_LATEST_20160120",
  "ConversionSoftware": "dcm2niix",
  "ConversionSoftwareVersion": "v1.0.20190410  GCC6.3.0",
  "DerivedVendorReportedEchoSpacing": 0.000609994,
  "DeviceSerialNumber": "66018",
  "DwellTime": 3.3e-06,
  "EchoTime": 0.03,
  "EchoTrainLength": 60,
  "EffectiveEchoSpacing": 0.000609994,
  "FlipAngle": 71,
  "ImageOrientationPatientDICOM": [0.998476, 0.0523387, -0.0175147, -0.0511048, 0.996594, 0.0647189],
  "ImageType": [
    "ORIGINAL",
    "PRIMARY",
    "M",
    "ND",
    "NORM",
    "MOSAIC"
],
  "ImagingFrequency": 123.164,
  "InPlanePhaseEncodingDirectionDICOM": "COL",
  "InstitutionAddress": "Stadium_1952_Princeton_NJ_US_08544",
  "InstitutionName": "Princeton_University",
  "InstitutionalDepartmentName": "NeuroScience",
  "MRAcquisitionType": "2D",
  "MagneticFieldStrength": 3,
  "Manufacturer": "Siemens",
  "ManufacturersModelName": "Prisma",
  "Modality": "MR",
  "MultibandAccelerationFactor": 2,
  "PartialFourier": 0.75,
  "PatientPosition": "HFS",
  "PercentPhaseFOV": 100,
  "PhaseEncodingDirection": "j-",
  "PhaseEncodingSteps": 60,
  "PhaseResolution": 1,
  "PixelBandwidth": 1895,
  "ProcedureStepDescription": "000005_NEU502_NEU502B-2026",
  "ProtocolName": "func_ses-01_run-01_task-moral",
  "PulseSequenceDetails": "%SiemensSeq%_ep2d_bold",
  "ReceiveCoilActiveElements": "HC1-7",
  "ReceiveCoilName": "HeadNeck_64",
  "ReconMatrixPE": 80,
  "RefLinesPE": 24,
  "RepetitionTime": 2,
  "SAR": 0.0383344,
  "ScanOptions": "PFP_FS",
  "ScanningSequence": "EP",
  "SequenceName": "_epfid2d1_80",
  "SequenceVariant": "SK",
  "SeriesDescription": "func_ses-01_run-01_task-moral",
  "SeriesNumber": 9,
  "ShimSetting": [750, 470, 2130, 533, 42, 75, 115, 99],
  "SliceThickness": 2.5,
  "SliceTiming": [0.9525, 0, 1.0275, 0.0725, 1.1, 0.1475, 1.1725, 0.22, 1.2475, 0.2925, 1.32, 0.3675, 1.3925, 0.44, 1.4675, 0.5125, 1.54, 0.5875, 1.6125, 0.66, 1.6875, 0.7325, 1.76, 0.8075, 1.8325, 0.88, 1.9075, 0.9525, 0, 1.0275, 0.0725, 1.1, 0.1475, 1.1725, 0.22, 1.2475, 0.2925, 1.32, 0.3675, 1.3925, 0.44, 1.4675, 0.5125, 1.54, 0.5875, 1.6125, 0.66, 1.6875, 0.7325, 1.76, 0.8075, 1.8325, 0.88, 1.9075],
  "SoftwareVersions": "syngo_MR_E11",
  "SpacingBetweenSlices": 2.5,
  "StationName": "AWP66018",
  "TaskName": "moral",
  "TotalReadoutTime": 0.0481895,
  "TxRefAmp": 214.917,
  "dcmmeta_affine": [
    [-2.4961893558502197, -0.12776196002960205, -0.052105795592069626, 104.50591278076172],
    [-0.13084669411182404, 2.491485118865967, 0.15931285917758942, -87.69791412353516],
    [-0.043786682188510895, -0.1617971956729889, 2.4943745136260986, -40.86607360839844],
    [0.0, 0.0, 0.0, 1.0]
],
  "dcmmeta_reorient_transform": [
    [0.0, -1.0, 0.0, 79.0],
    [1.0, 0.0, 0.0, 0.0],
    [0.0, 0.0, 1.0, 0.0],
    [0.0, 0.0, 0.0, 1.0]
],
  "dcmmeta_shape": [80, 80, 54, 32],
  "dcmmeta_slice_dim": 2,
  "dcmmeta_version": 0.6,
  "global": {
    "const": {
      "AcquisitionMatrix": [80, 0, 0, 80],
      "AngioFlag": "N",
      "BitsAllocated": 16,
      "BitsStored": 12,
      "BodyPartExamined": "BRAIN",
      "Columns": 640,
      "EchoNumbers": 1,
      "EchoTime": 30.0,
      "EchoTrainLength": 60,
      "FlipAngle": 71.0,
      "HighBit": 11,
      "ImageOrientationPatient": [0.99847578782971, 0.05233867953837, -0.0175146721929, -0.0511047830025, 0.99659408391641, 0.06471887713089],
      "ImagePositionPatient": [-757.57242194405, -843.38235101498, -86.690995328533],
      "ImageType": [
        "ORIGINAL",
        "PRIMARY",
        "M",
        "ND",
        "NORM",
        "MOSAIC"
],
      "ImagedNucleus": "1H",
      "ImagingFrequency": 123.164417,
      "InPlanePhaseEncodingDirection": "COL",
      "MRAcquisitionType": "2D",
      "MagneticFieldStrength": 3.0,
      "Manufacturer": "SIEMENS",
      "ManufacturerModelName": "Prisma",
      "Modality": "MR",
      "NumberOfAverages": 1.0,
      "NumberOfPhaseEncodingSteps": 60,
      "PercentPhaseFieldOfView": 100.0,
      "PercentSampling": 100.0,
      "PerformedProcedureStepStartTime": "140906.378000",
      "PhotometricInterpretation": "MONOCHROME2",
      "PixelBandwidth": 1895.0,
      "PixelRepresentation": 0,
      "PixelSpacing": [2.5, 2.5],
      "ProtocolName": "func_ses-01_run-01_task-moral",
      "RepetitionTime": 2000.0,
      "Rows": 640,
      "SAR": 0.03833441281783,
      "SamplesPerPixel": 1,
      "ScanOptions": [
        "PFP",
        "FS"
],
      "ScanningSequence": "EP",
      "SequenceName": "*epfid2d1_80",
      "SequenceVariant": "SK",
      "SeriesDescription": "func_ses-01_run-01_task-moral",
      "SeriesNumber": 9,
      "SeriesTime": "145647.180000",
      "SliceLocation": -48.54082586067,
      "SliceThickness": 2.5,
      "SmallestImagePixelValue": 0,
      "SoftwareVersions": "syngo MR E11",
      "SpacingBetweenSlices": 2.4999999237301,
      "SpecificCharacterSet": "ISO_IR 100",
      "StudyID": "1",
      "StudyTime": "140906.238000",
      "TransmitCoilName": "Body",
      "VariableFlipAngleFlag": "N",
      "WindowCenterWidthExplanation": "Algo1",
      "dBdt": 0.0},
    "slices": {}
  },
  "time": {
    "samples": {
      "AcquisitionNumber": [1, 2, 3, 4, 5, 6, 7, 8, 9, 10, 11, 12, 13, 14, 15, 16, 17, 18, 19, 20, 21, 22, 23, 24, 25, 26, 27, 28, 29, 30, 31, 32],
      "AcquisitionTime": ["174835.235000", "174837.235000", "174839.235000", "174841.235000", "174843.235000", "174845.235000", "174847.235000", "174849.235000", "174851.235000", "174853.235000", "174855.235000", "174857.235000", "174859.235000", "174901.235000", "174903.235000", "174905.235000", "174907.235000", "174909.235000", "174911.235000", "174913.235000", "174915.235000", "174917.235000", "174919.235000", "174921.235000", "174923.235000", "174925.235000", "174927.235000", "174929.235000", "174931.235000", "174933.235000", "174935.235000", "174937.235000"],
      "ContentTime": ["145647.184000", "145647.188000", "145647.190000", "145647.194000", "145647.197000", "145647.206000", "145647.209000", "145647.212000", "145647.215000", "145647.218000", "145647.221000", "145647.224000", "145647.235000", "145647.238000", "145647.241000", "145647.244000", "145647.247000", "145647.250000", "145647.253000", "145647.256000", "145647.259000", "145647.262000", "145647.264000", "145704.654000", "145704.657000", "145704.660000", "145704.663000", "145704.672000", "145704.675000", "145704.678000", "145704.681000", "145704.684000"],
      "InstanceCreationTime": ["145647.184000", "145647.188000", "145647.190000", "145647.194000", "145647.197000", "145647.206000", "145647.209000", "145647.212000", "145647.215000", "145647.218000", "145647.221000", "145647.224000", "145647.235000", "145647.238000", "145647.241000", "145647.244000", "145647.247000", "145647.250000", "145647.253000", "145647.256000", "145647.259000", "145647.262000", "145647.264000", "145704.654000", "145704.657000", "145704.660000", "145704.663000", "145704.672000", "145704.675000", "145704.678000", "145704.681000", "145704.684000"],
      "InstanceNumber": [1, 2, 3, 4, 5, 6, 7, 8, 9, 10, 11, 12, 13, 14, 15, 16, 17, 18, 19, 20, 21, 22, 23, 24, 25, 26, 27, 28, 29, 30, 31, 32],
      "LargestImagePixelValue": [2310, 2362, 2136, 2303, 2064, 2289, 2432, 2391, 2074, 2324, 2098, 2403, 2190, 2298, 2263, 2372, 1985, 2272, 1847, 2318, 2361, 2296, 2068, 2356, 2338, 2182, 2315, 2382, 2175, 2333, 2274, 2032],
      "WindowCenter": [734.0, 732.0, 731.0, 731.0, 731.0, 732.0, 731.0, 731.0, 730.0, 732.0, 731.0, 732.0, 731.0, 732.0, 731.0, 731.0, 730.0, 732.0, 731.0, 732.0, 731.0, 730.0, 731.0, 731.0, 731.0, 731.0, 731.0, 731.0, 730.0, 731.0, 731.0, 730.0],
      "WindowWidth": [1571.0, 1567.0, 1563.0, 1564.0, 1564.0, 1565.0, 1564.0, 1563.0, 1561.0, 1566.0, 1564.0, 1567.0, 1563.0, 1565.0, 1563.0, 1564.0, 1560.0, 1566.0, 1562.0, 1566.0, 1563.0, 1562.0, 1563.0, 1564.0, 1565.0, 1562.0, 1564.0, 1562.0, 1561.0, 1563.0, 1565.0, 1562.0]
    },
    "slices": {}
  }
}