{
  "AcquisitionMatrixPE": 80,
  "AcquisitionNumber": 1,
  "AcquisitionTime": "17:29:55.052500",
  "BandwidthPerPixelPhaseEncode": 20.492,
  "BaseResolution": 80,
  "BodyPartExamined": "BRAIN",
  "ConsistencyInfo": "N4_VE11C_LATEST_20160120",
  "ConversionSoftware": "dcm2niix",
  "ConversionSoftwareVersion": "v1.0.20190410  GCC6.3.0",
  "DerivedVendorReportedEchoSpacing": 0.000609994,
  "DeviceSerialNumber": "66018",
  "DwellTime": 3.3e-06,
  "EchoTime": 0.03,
  "EchoTrainLength": 60,
  "EffectiveEchoSpacing": 0.000609994,
  "FlipAngle": 71,
  "ImageOrientationPatientDICOM": [0.998476, 0.0523387, -0.0175147, -0.0511048, 0.996594, 0.0647189],
  "ImageType": [
    "ORIGINAL",
    "PRIMARY",
    "M",
    "ND",
    "NORM",
    "MOSAIC"
],
  "ImagingFrequency": 123.164,
  "InPlanePhaseEncodingDirectionDICOM": "COL",
  "InstitutionAddress": "Stadium_1952_Princeton_NJ_US_08544",
  "InstitutionName": "Princeton_University",
  "InstitutionalDepartmentName": "NeuroScience",
  "MRAcquisitionType": "2D",
  "MagneticFieldStrength": 3,
  "Manufacturer": "Siemens",
  "ManufacturersModelName": "Prisma",
  "Modality": "MR",
  "MultibandAccelerationFactor": 2,
  "PartialFourier": 0.75,
  "PatientPosition": "HFS",
  "PercentPhaseFOV": 100,
  "PhaseEncodingDirection": "j-",
  "PhaseEncodingSteps": 60,
  "PhaseResolution": 1,
  "PixelBandwidth": 1895,
  "ProcedureStepDescription": "000005_NEU502_NEU502B-2026",
  "ProtocolName": "func_ses-01_run-01_task-percept-bind",
  "PulseSequenceDetails": "%SiemensSeq%_ep2d_bold",
  "ReceiveCoilActiveElements": "HC1-7",
  "ReceiveCoilName": "HeadNeck_64",
  "ReconMatrixPE": 80,
  "RefLinesPE": 24,
  "RepetitionTime": 2,
  "SAR": 0.0383344,
  "ScanOptions": "PFP_FS",
  "ScanningSequence": "EP",
  "SequenceName": "_epfid2d1_80",
  "SequenceVariant": "SK",
  "SeriesDescription": "func_ses-01_run-01_task-percept-bind",
  "SeriesNumber": 8,
  "ShimSetting": [750, 470, 2130, 533, 42, 75, 115, 99],
  "SliceThickness": 2.5,
  "SliceTiming": [0.9525, 0, 1.025, 0.0725, 1.1, 0.145, 1.1725, 0.22, 1.245, 0.2925, 1.32, 0.365, 1.3925, 0.44, 1.465, 0.5125, 1.54, 0.585, 1.6125, 0.66, 1.685, 0.7325, 1.76, 0.805, 1.8325, 0.88, 1.905, 0.9525, 0, 1.025, 0.0725, 1.1, 0.145, 1.1725, 0.22, 1.245, 0.2925, 1.32, 0.365, 1.3925, 0.44, 1.465, 0.5125, 1.54, 0.585, 1.6125, 0.66, 1.685, 0.7325, 1.76, 0.805, 1.8325, 0.88, 1.905],
  "SoftwareVersions": "syngo_MR_E11",
  "SpacingBetweenSlices": 2.5,
  "StationName": "AWP66018",
  "TaskName": "perceptXbind",
  "TotalReadoutTime": 0.0481895,
  "TxRefAmp": 214.917,
  "dcmmeta_affine": [
    [-2.4961893558502197, -0.12776196002960205, -0.052105795592069626, 104.50591278076172],
    [-0.13084669411182404, 2.491485118865967, 0.15931285917758942, -87.69791412353516],
    [-0.043786682188510895, -0.1617971956729889, 2.4943745136260986, -40.86607360839844],
    [0.0, 0.0, 0.0, 1.0]
],
  "dcmmeta_reorient_transform": [
    [0.0, -1.0, 0.0, 79.0],
    [1.0, 0.0, 0.0, 0.0],
    [0.0, 0.0, 1.0, 0.0],
    [0.0, 0.0, 0.0, 1.0]
],
  "dcmmeta_shape": [80, 80, 54, 48],
  "dcmmeta_slice_dim": 2,
  "dcmmeta_version": 0.6,
  "global": {
    "const": {
      "AcquisitionMatrix": [80, 0, 0, 80],
      "AngioFlag": "N",
      "BitsAllocated": 16,
      "BitsStored": 12,
      "BodyPartExamined": "BRAIN",
      "Columns": 640,
      "EchoNumbers": 1,
      "EchoTime": 30.0,
      "EchoTrainLength": 60,
      "FlipAngle": 71.0,
      "HighBit": 11,
      "ImageOrientationPatient": [0.99847578782971, 0.05233867953837, -0.0175146721929, -0.0511047830025, 0.99659408391641, 0.06471887713089],
      "ImagePositionPatient": [-757.57242194405, -843.38235101498, -86.690995328533],
      "ImageType": [
        "ORIGINAL",
        "PRIMARY",
        "M",
        "ND",
        "NORM",
        "MOSAIC"
],
      "ImagedNucleus": "1H",
      "ImagingFrequency": 123.164419,
      "InPlanePhaseEncodingDirection": "COL",
      "MRAcquisitionType": "2D",
      "MagneticFieldStrength": 3.0,
      "Manufacturer": "SIEMENS",
      "ManufacturerModelName": "Prisma",
      "Modality": "MR",
      "NumberOfAverages": 1.0,
      "NumberOfPhaseEncodingSteps": 60,
      "PercentPhaseFieldOfView": 100.0,
      "PercentSampling": 100.0,
      "PerformedProcedureStepStartTime": "140906.378000",
      "PhotometricInterpretation": "MONOCHROME2",
      "PixelBandwidth": 1895.0,
      "PixelRepresentation": 0,
      "PixelSpacing": [2.5, 2.5],
      "ProtocolName": "func_ses-01_run-01_task-percept-bind",
      "RepetitionTime": 2000.0,
      "Rows": 640,
      "SAR": 0.03833441281783,
      "SamplesPerPixel": 1,
      "ScanOptions": [
        "PFP",
        "FS"
],
      "ScanningSequence": "EP",
      "SequenceName": "*epfid2d1_80",
      "SequenceVariant": "SK",
      "SeriesDescription": "func_ses-01_run-01_task-percept-bind",
      "SeriesNumber": 8,
      "SeriesTime": "143805.773000",
      "SliceLocation": -48.54082586067,
      "SliceThickness": 2.5,
      "SmallestImagePixelValue": 0,
      "SoftwareVersions": "syngo MR E11",
      "SpacingBetweenSlices": 2.4999999237301,
      "SpecificCharacterSet": "ISO_IR 100",
      "StudyID": "1",
      "StudyTime": "140906.238000",
      "TransmitCoilName": "Body",
      "VariableFlipAngleFlag": "N",
      "WindowCenterWidthExplanation": "Algo1",
      "dBdt": 0.0},
    "slices": {}
  },
  "time": {
    "samples": {
      "AcquisitionNumber": [1, 2, 3, 4, 5, 6, 7, 8, 9, 10, 11, 12, 13, 14, 15, 16, 17, 18, 19, 20, 21, 22, 23, 24, 25, 26, 27, 28, 29, 30, 31, 32, 33, 34, 35, 36, 37, 38, 39, 40, 41, 42, 43, 44, 45, 46, 47, 48],
      "AcquisitionTime": ["172955.052500", "172957.052500", "172959.052500", "173001.052500", "173003.052500", "173005.052500", "173007.052500", "173009.052500", "173011.052500", "173013.052500", "173015.052500", "173017.052500", "173019.052500", "173021.052500", "173023.052500", "173025.052500", "173027.052500", "173029.052500", "173031.052500", "173033.052500", "173035.052500", "173037.052500", "173039.052500", "173041.052500", "173043.052500", "173045.052500", "173047.052500", "173049.052500", "173051.052500", "173053.052500", "173055.052500", "173057.052500", "173059.052500", "173101.052500", "173103.052500", "173105.052500", "173107.052500", "173109.052500", "173111.052500", "173113.052500", "173115.052500", "173117.052500", "173119.052500", "173121.052500", "173123.052500", "173125.052500", "173127.052500", "173129.052500"],
      "ContentTime": ["143805.777000", "143805.781000", "143805.784000", "143805.817000", "143805.935000", "143805.939000", "143805.941000", "143805.944000", "143805.947000", "143805.950000", "143805.953000", "143805.973000", "143805.985000", "143805.988000", "143805.991000", "143805.994000", "143805.997000", "143806.001000", "143806.004000", "143806.007000", "143806.010000", "143806.012000", "143806.015000", "143845.771000", "143845.774000", "143845.777000", "143845.780000", "143845.783000", "143845.802000", "143845.805000", "143845.808000", "143845.810000", "143845.814000", "143845.816000", "143845.819000", "143845.825000", "143845.828000", "143845.831000", "143845.833000", "143845.836000", "143845.839000", "143845.842000", "143845.845000", "143856.191000", "143856.194000", "143856.197000", "143856.200000", "143856.203000"],
      "InstanceCreationTime": ["143805.777000", "143805.781000", "143805.784000", "143805.817000", "143805.935000", "143805.939000", "143805.941000", "143805.944000", "143805.947000", "143805.950000", "143805.953000", "143805.973000", "143805.985000", "143805.988000", "143805.991000", "143805.994000", "143805.997000", "143806.001000", "143806.004000", "143806.007000", "143806.010000", "143806.012000", "143806.015000", "143845.771000", "143845.774000", "143845.777000", "143845.780000", "143845.783000", "143845.802000", "143845.805000", "143845.808000", "143845.810000", "143845.814000", "143845.816000", "143845.819000", "143845.825000", "143845.828000", "143845.831000", "143845.833000", "143845.836000", "143845.839000", "143845.842000", "143845.845000", "143856.191000", "143856.194000", "143856.197000", "143856.200000", "143856.203000"],
      "InstanceNumber": [1, 2, 3, 4, 5, 6, 7, 8, 9, 10, 11, 12, 13, 14, 15, 16, 17, 18, 19, 20, 21, 22, 23, 24, 25, 26, 27, 28, 29, 30, 31, 32, 33, 34, 35, 36, 37, 38, 39, 40, 41, 42, 43, 44, 45, 46, 47, 48],
      "LargestImagePixelValue": [2479, 2329, 1866, 2404, 2166, 1960, 2295, 1895, 2309, 1865, 2329, 1878, 2144, 1854, 2018, 2307, 1856, 2179, 2135, 2066, 1849, 2136, 2085, 2035, 2054, 2228, 1851, 2147, 1844, 2169, 2018, 2169, 1839, 2152, 1994, 2135, 1942, 2017, 2515, 1895, 2097, 1958, 1925, 2196, 1923, 2241, 1902, 2271],
      "WindowCenter": [734.0, 732.0, 731.0, 732.0, 730.0, 730.0, 732.0, 731.0, 732.0, 730.0, 731.0, 729.0, 731.0, 730.0, 730.0, 731.0, 730.0, 731.0, 731.0, 732.0, 731.0, 732.0, 731.0, 731.0, 731.0, 731.0, 731.0, 731.0, 730.0, 732.0, 731.0, 732.0, 730.0, 732.0, 731.0, 732.0, 730.0, 731.0, 731.0, 729.0, 730.0, 730.0, 730.0, 731.0, 730.0, 732.0, 730.0, 731.0],
      "WindowWidth": [1569.0, 1567.0, 1563.0, 1564.0, 1561.0, 1560.0, 1565.0, 1562.0, 1565.0, 1561.0, 1563.0, 1559.0, 1561.0, 1560.0, 1561.0, 1563.0, 1560.0, 1562.0, 1562.0, 1564.0, 1562.0, 1565.0, 1563.0, 1561.0, 1562.0, 1564.0, 1562.0, 1564.0, 1561.0, 1566.0, 1564.0, 1564.0, 1561.0, 1566.0, 1562.0, 1566.0, 1561.0, 1562.0, 1564.0, 1558.0, 1561.0, 1559.0, 1559.0, 1563.0, 1561.0, 1565.0, 1560.0, 1563.0]
    },
    "slices": {}
  }
}