{
  "AcquisitionMatrixPE": 80,
  "AcquisitionNumber": 1,
  "AcquisitionTime": "18:53:29.370000",
  "BandwidthPerPixelPhaseEncode": 20.492,
  "BaseResolution": 80,
  "BodyPartExamined": "BRAIN",
  "ConsistencyInfo": "N4_VE11C_LATEST_20160120",
  "ConversionSoftware": "dcm2niix",
  "ConversionSoftwareVersion": "v1.0.20190410  GCC6.3.0",
  "DerivedVendorReportedEchoSpacing": 0.000609994,
  "DeviceSerialNumber": "66018",
  "DwellTime": 3.3e-06,
  "EchoTime": 0.03,
  "EchoTrainLength": 60,
  "EffectiveEchoSpacing": 0.000609994,
  "FlipAngle": 71,
  "ImageOrientationPatientDICOM": [0.994005, 0.0368415, -0.102944, -0.0473977, 0.993649, -0.102055],
  "ImageType": [
    "ORIGINAL",
    "PRIMARY",
    "M",
    "ND",
    "NORM",
    "MOSAIC"
],
  "ImagingFrequency": 123.164,
  "InPlanePhaseEncodingDirectionDICOM": "COL",
  "InstitutionAddress": "Stadium_1952_Princeton_NJ_US_08544",
  "InstitutionName": "Princeton_University",
  "InstitutionalDepartmentName": "NeuroScience",
  "MRAcquisitionType": "2D",
  "MagneticFieldStrength": 3,
  "Manufacturer": "Siemens",
  "ManufacturersModelName": "Prisma",
  "Modality": "MR",
  "MultibandAccelerationFactor": 2,
  "PartialFourier": 0.75,
  "PatientPosition": "HFS",
  "PercentPhaseFOV": 100,
  "PhaseEncodingDirection": "j-",
  "PhaseEncodingSteps": 60,
  "PhaseResolution": 1,
  "PixelBandwidth": 1895,
  "ProcedureStepDescription": "000005_NEU502_NEU502B-2026",
  "ProtocolName": "func_ses-01_run-01_task-moral",
  "PulseSequenceDetails": "%SiemensSeq%_ep2d_bold",
  "ReceiveCoilActiveElements": "HC1-7",
  "ReceiveCoilName": "HeadNeck_64",
  "ReconMatrixPE": 80,
  "RefLinesPE": 24,
  "RepetitionTime": 2,
  "SAR": 0.0460502,
  "ScanOptions": "PFP_FS",
  "ScanningSequence": "EP",
  "SequenceName": "_epfid2d1_80",
  "SequenceVariant": "SK",
  "SeriesDescription": "func_ses-01_run-01_task-moral",
  "SeriesNumber": 6,
  "ShimSetting": [733, 468, 2124, 765, -35, 198, 198, 127],
  "SliceThickness": 2.5,
  "SliceTiming": [0.9525, 0, 1.0275, 0.0725, 1.1, 0.1475, 1.1725, 0.22, 1.2475, 0.2925, 1.32, 0.3675, 1.3925, 0.44, 1.4675, 0.5125, 1.54, 0.5875, 1.6125, 0.66, 1.6875, 0.7325, 1.76, 0.8075, 1.8325, 0.88, 1.9075, 0.9525, 0, 1.0275, 0.0725, 1.1, 0.1475, 1.1725, 0.22, 1.2475, 0.2925, 1.32, 0.3675, 1.3925, 0.44, 1.4675, 0.5125, 1.54, 0.5875, 1.6125, 0.66, 1.6875, 0.7325, 1.76, 0.8075, 1.8325, 0.88, 1.9075],
  "SoftwareVersions": "syngo_MR_E11",
  "SpacingBetweenSlices": 2.5,
  "StationName": "AWP66018",
  "TaskName": "moral",
  "TotalReadoutTime": 0.0481895,
  "TxRefAmp": 239.117,
  "dcmmeta_affine": [
    [-2.485011577606201, -0.11849424242973328, -0.2463260143995285, 106.43926239013672],
    [-0.09210384637117386, 2.4841222763061523, -0.26580655574798584, -82.44515228271484],
    [-0.25736019015312195, 0.25513792037963867, 2.4735946655273438, -70.2947769165039],
    [0.0, 0.0, 0.0, 1.0]
],
  "dcmmeta_reorient_transform": [
    [0.0, -1.0, 0.0, 79.0],
    [1.0, 0.0, 0.0, 0.0],
    [0.0, 0.0, 1.0, 0.0],
    [0.0, 0.0, 0.0, 1.0]
],
  "dcmmeta_shape": [80, 80, 54, 12],
  "dcmmeta_slice_dim": 2,
  "dcmmeta_version": 0.6,
  "global": {
    "const": {
      "AcquisitionMatrix": [80, 0, 0, 80],
      "AngioFlag": "N",
      "BitsAllocated": 16,
      "BitsStored": 12,
      "BodyPartExamined": "BRAIN",
      "Columns": 640,
      "EchoNumbers": 1,
      "EchoTime": 30.0,
      "EchoTrainLength": 60,
      "FlipAngle": 71.0,
      "HighBit": 11,
      "ImageOrientationPatient": [0.99400463649148, 0.03684153924126, -0.1029440800618, -0.0473976981929, 0.99364893216507, -0.1020551704385],
      "ImagePositionPatient": [-759.70307187721, -835.14384387616, 93.360591196202],
      "ImageType": [
        "ORIGINAL",
        "PRIMARY",
        "M",
        "ND",
        "NORM",
        "MOSAIC"
],
      "ImagedNucleus": "1H",
      "ImagingFrequency": 123.164449,
      "InPlanePhaseEncodingDirection": "COL",
      "MRAcquisitionType": "2D",
      "MagneticFieldStrength": 3.0,
      "Manufacturer": "SIEMENS",
      "ManufacturerModelName": "Prisma",
      "Modality": "MR",
      "NumberOfAverages": 1.0,
      "NumberOfPhaseEncodingSteps": 60,
      "PercentPhaseFieldOfView": 100.0,
      "PercentSampling": 100.0,
      "PerformedProcedureStepStartTime": "155030.531000",
      "PhotometricInterpretation": "MONOCHROME2",
      "PixelBandwidth": 1895.0,
      "PixelRepresentation": 0,
      "PixelSpacing": [2.5, 2.5],
      "ProtocolName": "func_ses-01_run-01_task-moral",
      "RepetitionTime": 2000.0,
      "Rows": 640,
      "SAR": 0.04605024135777,
      "SamplesPerPixel": 1,
      "ScanOptions": [
        "PFP",
        "FS"
],
      "ScanningSequence": "EP",
      "SequenceName": "*epfid2d1_80",
      "SequenceVariant": "SK",
      "SeriesDescription": "func_ses-01_run-01_task-moral",
      "SeriesNumber": 6,
      "SeriesTime": "160118.516000",
      "SliceLocation": -71.274035005776,
      "SliceThickness": 2.5,
      "SmallestImagePixelValue": 0,
      "SoftwareVersions": "syngo MR E11",
      "SpacingBetweenSlices": 2.5000000383435,
      "SpecificCharacterSet": "ISO_IR 100",
      "StudyID": "1",
      "StudyTime": "155030.460000",
      "TransmitCoilName": "Body",
      "VariableFlipAngleFlag": "N",
      "WindowCenterWidthExplanation": "Algo1",
      "dBdt": 0.0},
    "slices": {}
  },
  "time": {
    "samples": {
      "AcquisitionNumber": [1, 2, 3, 4, 5, 6, 7, 8, 9, 10, 11, 12],
      "AcquisitionTime": ["185329.370000", "185331.370000", "185333.370000", "185335.370000", "185337.370000", "185339.370000", "185341.370000", "185343.370000", "185345.370000", "185347.370000", "185349.370000", "185351.370000"],
      "ContentTime": ["160118.520000", "160118.534000", "160118.537000", "160118.549000", "160118.558000", "160118.562000", "160118.565000", "160118.568000", "160118.571000", "160118.574000", "160118.577000", "160118.580000"],
      "InstanceCreationTime": ["160118.520000", "160118.534000", "160118.537000", "160118.549000", "160118.558000", "160118.562000", "160118.565000", "160118.568000", "160118.571000", "160118.574000", "160118.577000", "160118.580000"],
      "InstanceNumber": [1, 2, 3, 4, 5, 6, 7, 8, 9, 10, 11, 12],
      "LargestImagePixelValue": [1888, 2145, 1854, 1979, 2417, 2091, 2099, 1821, 1932, 2087, 2069, 2544],
      "WindowCenter": [684.0, 685.0, 684.0, 685.0, 685.0, 685.0, 685.0, 684.0, 684.0, 684.0, 684.0, 686.0],
      "WindowWidth": [1457.0, 1459.0, 1457.0, 1458.0, 1458.0, 1458.0, 1458.0, 1455.0, 1456.0, 1456.0, 1455.0, 1459.0]
    },
    "slices": {}
  }
}