{
  "AcquisitionNumber": 1,
  "AcquisitionTime": "17:03:18.160000",
  "BaseResolution": 160,
  "BodyPartExamined": "BRAIN",
  "CoilString": "HC1-7;NC1_2",
  "ConsistencyInfo": "N4_VE11C_LATEST_20160120",
  "ConversionSoftware": "dcm2niix",
  "ConversionSoftwareVersion": "v1.0.20190410  GCC6.3.0",
  "DeviceSerialNumber": "66018",
  "DwellTime": 5.8e-06,
  "EchoTime": 0.00137,
  "FlipAngle": 8,
  "ImageOrientationPatientDICOM": [
    -0.0447614,
    0.953646,
    0.297582,
    -0.0322761,
    0.296345,
    -0.954536
  ],
  "ImageType": [
    "DERIVED",
    "PRIMARY",
    "MPR",
    "ND",
    "NORM"
  ],
  "ImagingFrequency": 123.164,
  "InstitutionAddress": "Stadium_1952_Princeton_NJ_US_08544",
  "InstitutionName": "Princeton_University",
  "InstitutionalDepartmentName": "NeuroScience",
  "MRAcquisitionType": "3D",
  "MagneticFieldStrength": 3,
  "Manufacturer": "Siemens",
  "ManufacturersModelName": "Prisma",
  "Modality": "MR",
  "PartialFourier": 0.75,
  "PatientPosition": "HFS",
  "PercentPhaseFOV": 100,
  "PhaseEncodingSteps": 118,
  "PhaseResolution": 1,
  "PixelBandwidth": 540,
  "ProcedureStepDescription": "000005_NEU502_NEU502B-2026",
  "ProtocolName": "anat_ses-01_scout",
  "PulseSequenceDetails": "%SiemensSeq%_AALScout",
  "RawImage": false,
  "ReceiveCoilActiveElements": "HC1-7;NC1,2",
  "ReceiveCoilName": "HeadNeck_64",
  "ReconMatrixPE": 162,
  "RefLinesPE": 24,
  "RepetitionTime": 0.00315,
  "SAR": 0.0171783,
  "ScanOptions": "PFP",
  "ScanningSequence": "GR",
  "SequenceName": "_fl3d1_ns",
  "SequenceVariant": "SP",
  "SeriesDescription": "anat_ses-01_scout_MPR_sag",
  "SeriesNumber": 2,
  "ShimSetting": [
    738,
    478,
    1814,
    185,
    -2,
    116,
    119,
    55
  ],
  "SliceThickness": 1.6,
  "SoftwareVersions": "syngo_MR_E11",
  "StationName": "AWP66018",
  "TxRefAmp": 214.917
}