{
  "AcquisitionMatrixPE": 160,
  "AcquisitionNumber": 1,
  "AcquisitionTime": "17:03:18.160000",
  "BaseResolution": 160,
  "BodyPartExamined": "BRAIN",
  "CoilString": "HC1-7;NC1_2",
  "ConsistencyInfo": "N4_VE11C_LATEST_20160120",
  "ConversionSoftware": "dcm2niix",
  "ConversionSoftwareVersion": "v1.0.20190410  GCC6.3.0",
  "DeviceSerialNumber": "66018",
  "DwellTime": 5.8e-06,
  "EchoTime": 0.00137,
  "FlipAngle": 8,
  "ImageOrientationPatientDICOM": [0, 1, 0, 0, 0, -1],
  "ImageType": [
    "ORIGINAL",
    "PRIMARY",
    "M",
    "ND",
    "NORM"
],
  "ImagingFrequency": 123.164,
  "InPlanePhaseEncodingDirectionDICOM": "ROW",
  "InstitutionAddress": "Stadium_1952_Princeton_NJ_US_08544",
  "InstitutionName": "Princeton_University",
  "InstitutionalDepartmentName": "NeuroScience",
  "MRAcquisitionType": "3D",
  "MagneticFieldStrength": 3,
  "Manufacturer": "Siemens",
  "ManufacturersModelName": "Prisma",
  "Modality": "MR",
  "PartialFourier": 0.75,
  "PatientPosition": "HFS",
  "PercentPhaseFOV": 100,
  "PhaseEncodingSteps": 118,
  "PhaseResolution": 1,
  "PixelBandwidth": 540,
  "ProcedureStepDescription": "000005_NEU502_NEU502B-2026",
  "ProtocolName": "anat_ses-01_scout",
  "PulseSequenceDetails": "%SiemensSeq%_AALScout",
  "ReceiveCoilActiveElements": "HC1-7;NC1,2",
  "ReceiveCoilName": "HeadNeck_64",
  "ReconMatrixPE": 160,
  "RefLinesPE": 24,
  "RepetitionTime": 0.00315,
  "SAR": 0.0171783,
  "ScanOptions": "PFP",
  "ScanningSequence": "GR",
  "SequenceName": "_fl3d1_ns",
  "SequenceVariant": "SP",
  "SeriesDescription": "anat_ses-01_scout",
  "SeriesNumber": 1,
  "ShimSetting": [738, 478, 1814, 185, -2, 116, 119, 55],
  "SliceThickness": 1.6,
  "SoftwareVersions": "syngo_MR_E11",
  "StationName": "AWP66018",
  "TxRefAmp": 214.917,
  "dcmmeta_affine": [
    [1.600000023841858, 0.0, 0.0, -101.5999984741211],
    [0.0, 1.625, 0.0, -118.375],
    [0.0, 0.0, 1.625, -128.375],
    [0.0, 0.0, 0.0, 1.0]
],
  "dcmmeta_reorient_transform": [
    [0.0, 0.0, -1.0, 159.0],
    [0.0, -1.0, 0.0, 159.0],
    [-1.0, 0.0, 0.0, 127.0],
    [0.0, 0.0, 0.0, 1.0]
],
  "dcmmeta_shape": [128, 160, 160],
  "dcmmeta_slice_dim": 0,
  "dcmmeta_version": 0.6,
  "global": {
    "const": {
      "AcquisitionMatrix": [0, 160, 160, 0],
      "AcquisitionNumber": 1,
      "AcquisitionTime": "170318.160000",
      "AngioFlag": "N",
      "BitsAllocated": 16,
      "BitsStored": 12,
      "BodyPartExamined": "BRAIN",
      "Columns": 160,
      "EchoNumbers": 1,
      "EchoTime": 1.37,
      "EchoTrainLength": 1,
      "FlipAngle": 8.0,
      "HighBit": 11,
      "ImageOrientationPatient": [0.0, 1.0, 0.0, 0.0, 0.0, -1.0],
      "ImageType": [
        "ORIGINAL",
        "PRIMARY",
        "M",
        "ND",
        "NORM"
],
      "ImagedNucleus": "1H",
      "ImagingFrequency": 123.164467,
      "InPlanePhaseEncodingDirection": "ROW",
      "MRAcquisitionType": "3D",
      "MagneticFieldStrength": 3.0,
      "Manufacturer": "SIEMENS",
      "ManufacturerModelName": "Prisma",
      "Modality": "MR",
      "NumberOfAverages": 1.0,
      "NumberOfPhaseEncodingSteps": 118,
      "PercentPhaseFieldOfView": 100.0,
      "PercentSampling": 100.0,
      "PerformedProcedureStepStartTime": "140906.378000",
      "PhotometricInterpretation": "MONOCHROME2",
      "PixelBandwidth": 540.0,
      "PixelRepresentation": 0,
      "PixelSpacing": [1.625, 1.625],
      "ProtocolName": "anat_ses-01_scout",
      "RepetitionTime": 3.15,
      "Rows": 160,
      "SAR": 0.01717831677286,
      "SamplesPerPixel": 1,
      "ScanOptions": "PFP",
      "ScanningSequence": "GR",
      "SequenceName": "*fl3d1_ns",
      "SequenceVariant": "SP",
      "SeriesDescription": "anat_ses-01_scout",
      "SeriesNumber": 1,
      "SeriesTime": "141059.425000",
      "SliceThickness": 1.6000000238419,
      "SmallestImagePixelValue": 0,
      "SoftwareVersions": "syngo MR E11",
      "SpecificCharacterSet": "ISO_IR 100",
      "StudyID": "1",
      "StudyTime": "140906.238000",
      "TransmitCoilName": "Body",
      "VariableFlipAngleFlag": "N",
      "WindowCenter": 6.0,
      "WindowWidth": 13.0,
      "dBdt": 0.0},
