{
  "AcquisitionMatrixPE": 300,
  "AcquisitionNumber": 1,
  "AcquisitionTime": "19:34:41.875000",
  "BaseResolution": 320,
  "BodyPartExamined": "BRAIN",
  "CoilString": "HC1-7;NC1_2",
  "ConsistencyInfo": "N4_VE11C_LATEST_20160120",
  "ConversionSoftware": "dcm2niix",
  "ConversionSoftwareVersion": "v1.0.20190410  GCC6.3.0",
  "DeviceSerialNumber": "66018",
  "DwellTime": 2.4e-06,
  "EchoTime": 0.243,
  "EchoTrainLength": 115,
  "FlipAngle": 120,
  "ImageOrientationPatientDICOM": [-0.0271834, 0.998351, -0.0505573, -0.036154, -0.0515248, -0.998017],
  "ImageType": [
    "ORIGINAL",
    "PRIMARY",
    "M",
    "ND",
    "NORM"
],
  "ImagingFrequency": 123.164,
  "InPlanePhaseEncodingDirectionDICOM": "ROW",
  "InstitutionAddress": "Stadium_1952_Princeton_NJ_US_08544",
  "InstitutionName": "Princeton_University",
  "InstitutionalDepartmentName": "NeuroScience",
  "MRAcquisitionType": "3D",
  "MagneticFieldStrength": 3,
  "Manufacturer": "Siemens",
  "ManufacturersModelName": "Prisma",
  "Modality": "MR",
  "PartialFourier": 1,
  "PatientPosition": "HFS",
  "PercentPhaseFOV": 93.75,
  "PhaseEncodingSteps": 289,
  "PhaseResolution": 1,
  "PixelBandwidth": 650,
  "ProcedureStepDescription": "000005_NEU502_NEU502B-2026",
  "ProtocolName": "anat_ses-01_T2w_acq-0.8mm-T2SPACE",
  "PulseSequenceDetails": "%SiemensSeq%_tse_vfl",
  "ReceiveCoilActiveElements": "HC1-7;NC1,2",
  "ReceiveCoilName": "HeadNeck_64",
  "ReconMatrixPE": 300,
  "RefLinesPE": 24,
  "RepetitionTime": 3.39,
  "SAR": 0.257339,
  "ScanOptions": "PFP_FS",
  "ScanningSequence": "SE",
  "SequenceName": "_spc_115ns",
  "SequenceVariant": "SK_SP",
  "SeriesDescription": "anat_ses-01_T2w_acq-0.8mm-T2SPACE",
  "SeriesNumber": 9,
  "ShimSetting": [740, 499, 2010, 143, -9, -234, 114, 95],
  "SliceThickness": 0.8,
  "SoftwareVersions": "syngo_MR_E11",
  "StationName": "AWP66018",
  "TxRefAmp": 267.686,
  "dcmmeta_affine": [
    [0.7991811633110046, -0.021746724843978882, -0.02892322465777397, -80.4123306274414],
    [0.020241321995854378, 0.7986809611320496, -0.041219864040613174, -87.27698516845703],
    [0.029996030032634735, 0.04044586792588234, 0.7984136939048767, -175.68284606933594],
    [0.0, 0.0, 0.0, 1.0]
],
  "dcmmeta_reorient_transform": [
    [0.0, 0.0, -1.0, 319.0],
    [0.0, -1.0, 0.0, 299.0],
    [-1.0, 0.0, 0.0, 223.0],
    [0.0, 0.0, 0.0, 1.0]
],
  "dcmmeta_shape": [224, 300, 320],
  "dcmmeta_slice_dim": 0,
  "dcmmeta_version": 0.6,
  "global": {
    "const": {
      "AcquisitionMatrix": [0, 320, 300, 0],
      "AcquisitionNumber": 1,
      "AcquisitionTime": "193441.875000",
      "AngioFlag": "N",
      "BitsAllocated": 16,
      "BitsStored": 12,
      "BodyPartExamined": "BRAIN",
      "Columns": 300,
      "EchoNumbers": 1,
      "EchoTime": 243.0,
      "EchoTrainLength": 115,
      "FlipAngle": 120.0,
      "HighBit": 11,
      "ImageOrientationPatient": [-0.0271834061394, 0.99835114979909, -0.0505573350317, -0.0361540311773, -0.0515248299645, -0.9980170729636],
      "ImageType": [
        "ORIGINAL",
        "PRIMARY",
        "M",
        "ND",
        "NORM"
],
      "ImagedNucleus": "1H",
      "ImagingFrequency": 123.164156,
      "InPlanePhaseEncodingDirection": "ROW",
      "MRAcquisitionType": "3D",
      "MagneticFieldStrength": 3.0,
      "Manufacturer": "SIEMENS",
      "ManufacturerModelName": "Prisma",
      "Modality": "MR",
      "NumberOfAverages": 1.0,
      "NumberOfPhaseEncodingSteps": 289,
      "PercentPhaseFieldOfView": 93.75,
      "PercentSampling": 100.0,
      "PerformedProcedureStepStartTime": "160516.388000",
      "PhotometricInterpretation": "MONOCHROME2",
      "PixelBandwidth": 650.0,
      "PixelRepresentation": 0,
      "PixelSpacing": [0.80000001192093, 0.80000001192093],
      "ProtocolName": "anat_ses-01_T2w_acq-0.8mm-T2SPACE",
      "RepetitionTime": 3390.0,
      "Rows": 320,
      "SAR": 0.25733866995768,
      "SamplesPerPixel": 1,
      "ScanOptions": [
        "PFP",
        "FS"
],
      "ScanningSequence": "SE",
      "SequenceName": "*spc_115ns",
      "SequenceVariant": [
        "SK",
        "SP"
],
      "SeriesDescription": "anat_ses-01_T2w_acq-0.8mm-T2SPACE",
      "SeriesNumber": 9,
      "SeriesTime": "165216.925000",
      "SliceThickness": 0.80000001192093,
      "SmallestImagePixelValue": 0,
      "SoftwareVersions": "syngo MR E11",
      "SpecificCharacterSet": "ISO_IR 100",
      "StudyID": "1",
      "StudyTime": "160516.324000",
      "TransmitCoilName": "Body",
      "VariableFlipAngleFlag": "Y",
      "WindowCenterWidthExplanation": "Algo1",
      "dBdt": 0.0},
